GEM
  remote: http://rubygems.org/
  specs:
    async-rack (0.5.1)
      rack (~> 1.1)
    connection_pool (1.0.0)
    daemons (1.2.2)
    diff-lcs (1.1.3)
    eventmachine (1.0.7)
    extlib (0.9.16)
    highline (1.7.1)
    json (1.7.7)
    mime-types (1.25.1)
    mono_logger (1.1.0)
    multi_json (1.11.0)
    rack (1.5.2)
    rack-fiber_pool (0.9.3)
    rack-protection (1.5.3)
      rack
    rack-test (0.6.3)
      rack (>= 1.0)
    rake (10.0.4)
    rdoc (4.2.0)
      json (~> 1.4)
    redis (3.2.1)
    redis-namespace (1.5.1)
      redis (~> 3.0, >= 3.0.4)
    resque (1.25.2)
      mono_logger (~> 1.0)
      multi_json (~> 1.0)
      redis-namespace (~> 1.3)
      sinatra (>= 0.9.2)
      vegas (~> 0.1.2)
    rest-client (1.6.8)
      mime-types (~> 1.16)
      rdoc (>= 2.4.2)
    rhoconnect (4.0.4)
      bundler (~> 1.0)
      connection_pool (~> 1.0.0)
      json (~> 1.7.7)
      rack (~> 1.5.2)
      rake (~> 10.0.0)
      redis (>= 3.0.1)
      resque (>= 1.22.0)
      rest-client (~> 1.6.1)
      rubyzip (~> 0.9.4)
      sinatra (~> 1.3)
      templater (~> 1.0.0)
      thor (~> 0.18.0)
    rhomobile-debug (1.0.7)
    rspec (2.10.0)
      rspec-core (~> 2.10.0)
      rspec-expectations (~> 2.10.0)
      rspec-mocks (~> 2.10.0)
    rspec-core (2.10.1)
    rspec-expectations (2.10.0)
      diff-lcs (~> 1.1.3)
    rspec-mocks (2.10.1)
    rubyzip (0.9.9)
    sinatra (1.4.5)
      rack (~> 1.4)
      rack-protection (~> 1.4)
      tilt (~> 1.3, >= 1.3.4)
    templater (1.0.0)
      diff-lcs (>= 1.1.2)
      extlib (>= 0.9.5)
      highline (>= 1.4.0)
    thin (1.6.3)
      daemons (~> 1.0, >= 1.0.9)
      eventmachine (~> 1.0)
      rack (~> 1.0)
    thor (0.18.1)
    tilt (1.4.1)
    vegas (0.1.11)
      rack (>= 1.0.0)

PLATFORMS
  ruby

DEPENDENCIES
  async-rack
  dbd-jdbc (>= 0.1.4)
  dbi (>= 0.4.5)
  eventmachine (~> 1.0.0)
  jdbc-sqlite3 (>= 3.7.2)
  puma (~> 1.6.0)
  rack-fiber_pool
  rack-test (>= 0.5.3)
  rhoconnect (= 4.0.4)
  rhomobile-debug (>= 1.0.2)
  rspec (~> 2.10.0)
  thin
  warbler
  win32-process (= 0.6.6)
